GIT
  remote: git://github.com/getbpm/bpm.git
  revision: f089051ecc2e1aba75be972eeafa5fb4ff592b96
  submodules: true
  specs:
    bpm (0.1.4)
      gemcutter (~> 0.6.1)
      highline (~> 1.6.1)
      hike (~> 1.1)
      json_pure (~> 1.4.6)
      libgems (~> 0.0.2)
      rack (~> 1.0)
      therubyracer (~> 0.9.2)
      thor (~> 0.14.3)
      tilt (~> 1.1, != 1.3.0)

GEM
  remote: http://rubygems.org/
  specs:
    gemcutter (0.6.1)
    highline (1.6.2)
    hike (1.1.0)
    json_pure (1.4.6)
    libgems (0.0.5)
    libv8 (3.3.10.2)
    rack (1.3.0)
    therubyracer (0.9.2)
      libv8 (~> 3.3.10)
    thor (0.14.6)
    tilt (1.3.2)

PLATFORMS
  ruby

DEPENDENCIES
  bpm!
